GEM
  remote: https://rubygems.org/
  specs:
    pg (0.18.2)
    redis (3.2.1)

PLATFORMS
  ruby

DEPENDENCIES
  pg
  redis
